PATH
  remote: .
  specs:
    NYC_mortality_17 (0.0.0)

GEM
  remote: https://rubygems.org/
  specs:
    Ascii85 (1.0.3)
    colorize (0.8.1)
    pdf-reader (1.1.1)
      Ascii85 (~> 1.0.0)
      ruby-rc4
    pdf-reader-turtletext (0.2.2)
      pdf-reader (= 1.1.1)
    ruby-rc4 (0.1.5)

PLATFORMS
  ruby

DEPENDENCIES
  NYC_mortality_17!
  colorize
  pdf-reader
  pdf-reader-turtletext

BUNDLED WITH
   2.0.1
